GEM
  remote: https://rubygems.org/
  specs:
    httpclient (2.8.3)
    json (2.0.3)
    rack (1.5.2)
    rack-protection (1.5.3)
      rack
    sinatra (1.4.5)
      rack (~> 1.4)
      rack-protection (~> 1.4)
      tilt (~> 1.3, >= 1.3.4)
    tilt (1.4.1)

PLATFORMS
  ruby

DEPENDENCIES
  firebase
  sinatra

BUNDLED WITH
   1.15.2
